GIT
  remote: git://github.com/seancribbs/ripple.git
  revision: 9ba8edebb9123f2e11a8e61f3c6498e62f146190
  specs:
    ripple (1.0.0.beta)
      activemodel (>= 3.0.0, < 3.2.0)
      activesupport (>= 3.0.0, < 3.2.0)
      riak-client (~> 1.0.0)
      tzinfo

GIT
  remote: http://github.com/camping/camping
  revision: fe791e787f5665efdc3f17b0f6122260b3a6d770
  specs:
    camping (2.1.503)
      mab
      rack (>= 1.0)

GEM
  remote: http://rubygems.org/
  specs:
    activemodel (3.1.3)
      activesupport (= 3.1.3)
      builder (~> 3.0.0)
      i18n (~> 0.6)
    activesupport (3.1.3)
      multi_json (~> 1.0)
    beefcake (0.3.7)
    builder (3.0.0)
    cucumber (1.1.5)
      builder (>= 2.1.2)
      diff-lcs (>= 1.1.2)
      gherkin (~> 2.8.0)
      json (>= 1.4.6)
      term-ansicolor (>= 1.0.6)
    diff-lcs (1.1.3)
    excon (0.9.5)
    gherkin (2.8.0)
      json (>= 1.4.6)
    i18n (0.6.0)
    json (1.6.5)
    kgio (2.7.2)
    mab (0.0.1)
    multi_json (1.0.4)
    rack (1.4.1)
    rack_csrf (2.3.0)
      rack (>= 0.9)
    raindrops (0.8.0)
    riak-client (1.0.0)
      beefcake (~> 0.3.7)
      builder (>= 2.1.2)
      i18n (>= 0.4.0)
      multi_json (~> 1.0.0)
    scrypt (1.0.3)
    term-ansicolor (1.0.7)
    tzinfo (0.3.31)
    unicorn (4.2.0)
      kgio (~> 2.6)
      rack
      raindrops (~> 0.7)
    yajl-ruby (1.1.0)

PLATFORMS
  ruby

DEPENDENCIES
  camping!
  cucumber
  excon
  rack_csrf
  ripple!
  scrypt
  unicorn
  yajl-ruby
